PATH
  remote: .
  specs:
    blog_formatter (0.0.2)
      RedCloth (~> 4.2.0)
      kramdown

GEM
  remote: http://rubygems.org/
  specs:
    RedCloth (4.2.9)
    kramdown (1.10.0)
    minitest (5.0.7)
    rake (10.1.0)

PLATFORMS
  ruby

DEPENDENCIES
  blog_formatter!
  minitest
  rake

BUNDLED WITH
   1.11.2
