PATH
  remote: .
  specs:
    blog_formatter (0.0.1)
      RedCloth (~> 4.2.0)

GEM
  remote: http://rubygems.org/
  specs:
    RedCloth (4.2.9)
    minitest (5.0.7)
    rake (10.1.0)

PLATFORMS
  ruby

DEPENDENCIES
  blog_formatter!
  minitest
  rake
